PATH
  remote: .
  specs:
    engiven (0.0.2)
      faraday
      json

GEM
  remote: https://rubygems.org/
  specs:
    faraday (2.6.0)
      faraday-net_http (>= 2.0, < 3.1)
      ruby2_keywords (>= 0.0.4)
    faraday-net_http (3.0.1)
    json (2.6.2)
    rake (13.0.6)
    ruby2_keywords (0.0.5)

PLATFORMS
  arm64-darwin-21

DEPENDENCIES
  bundler
  engiven!
  rake

BUNDLED WITH
   2.3.19
